GEM
  remote: https://rubygems.org/
  specs:
    colorize (0.7.3)
    differ (0.1.2)
    httparty (0.13.1)
      json (~> 1.8)
      multi_xml (>= 0.5.2)
    json (1.8.1)
    multi_xml (0.5.5)

PLATFORMS
  ruby

DEPENDENCIES
  colorize
  differ
  httparty
